NUGET
  remote: https://www.nuget.org/api/v2
    BuildTools.FxCop (1.0.1)
    FAKE (4.46.1)
    FSharp.Core (3.1.2.5)
    gitlink (2.3)
    GitVersion.CommandLine (4.0.0-beta0009)
    Mono.Cecil (0.9.6.4)
    NuGet.CommandLine (3.4.3)
    StyleCop.MSBuild (4.7.55)
    xunit (2.1) - framework: >= net45
      xunit.assert (2.1)
      xunit.core (2.1)
    xunit.abstractions (2.0) - framework: >= net45
    xunit.assert (2.1) - framework: >= net45
    xunit.core (2.1) - framework: >= net45
      xunit.extensibility.core (2.1) - framework: >= net45, dnx451, dnxcore50, monoandroid, monotouch, portable-net45+win80+wp80+wpa81, xamarinios, winv4.5, wpv8.0, wpav8.1
      xunit.extensibility.execution (2.1) - framework: >= net45, dnx451, dnxcore50, monoandroid, monotouch, portable-net45+win80+wp80+wpa81, xamarinios, winv4.5, wpv8.0, wpav8.1
    xunit.extensibility.core (2.1) - framework: >= net45
      xunit.abstractions (2.0)
    xunit.extensibility.execution (2.1) - framework: >= net45
      xunit.extensibility.core (2.1) - framework: >= net45, dnx451, dnxcore50, monoandroid, monotouch, xamarinios, winv4.5, wpv8.0, wpav8.1
    xunit.runner.console (2.1)
    xunit.runner.visualstudio (2.1) - framework: >= net45

GROUP TddStud10
NUGET
  remote: http://www.nuget.org/api/v2
    FSharp.Core (3.1.2.5)
  remote: https://ci.appveyor.com/nuget/common-wqs82t184w0x
    TddStud10.Common (0.2.3-ci0081)
      FSharp.Core (>= 3.1.2.5)
